GEM
  remote: https://rubygems.org/
  specs:
    childprocess (0.7.0)
      ffi (~> 1.0, >= 1.0.11)
    ffi (1.9.18)
    highline (1.7.8)
    progressbar (1.8.2)
    rubyzip (1.2.1)
    selenium-webdriver (3.4.0)
      childprocess (~> 0.5)
      rubyzip (~> 1.0)
      websocket (~> 1.0)
    websocket (1.2.4)

PLATFORMS
  ruby

DEPENDENCIES
  highline (~> 1.7.8)
  progressbar (~> 1.8.2)
  selenium-webdriver (~> 3.4.0)

BUNDLED WITH
   1.14.6
